GEM
  remote: https://rubygems.org/
  specs:
    connection_pool (2.0.0)
    json (1.8.1)
    json-compare (0.1.8)
    json_watch (0.0.1)
      json
      json-compare
    mail (2.6.1)
      mime-types (>= 1.16, < 3)
    mime-types (2.3)
    nifty-cloud-sdk (1.7)
      xml-simple (>= 1.0.12)
    rake (10.3.2)
    redis (3.1.0)
    redis-namespace (1.5.0)
      redis (~> 3.0, >= 3.0.4)
    redis-pool (0.1.1)
      connection_pool
      redis
    xml-simple (1.1.4)

PLATFORMS
  ruby

DEPENDENCIES
  json_watch
  mail
  nifty-cloud-sdk
  rake
  redis
  redis-namespace
  redis-pool
