GEM
  remote: https://rubygems.org/
  specs:
    json (1.8.1)
    json-compare (0.1.8)
    json_watch (0.0.1)
      json
      json-compare
    mail (2.5.4)
      mime-types (~> 1.16)
      treetop (~> 1.4.8)
    mime-types (1.25.1)
    nifty-cloud-sdk (1.7)
      xml-simple (>= 1.0.12)
    polyglot (0.3.5)
    redis (3.1.0)
    treetop (1.4.15)
      polyglot
      polyglot (>= 0.3.1)
    xml-simple (1.1.3)

PLATFORMS
  ruby

DEPENDENCIES
  json_watch
  mail
  nifty-cloud-sdk
  redis
